GEM
  specs:
    autotest-standalone (4.5.11)
    diff-lcs (1.1.3)
    rspec (2.12.0)
      rspec-core (~> 2.12.0)
      rspec-expectations (~> 2.12.0)
      rspec-mocks (~> 2.12.0)
    rspec-core (2.12.2)
    rspec-expectations (2.12.1)
      diff-lcs (~> 1.1.3)
    rspec-mocks (2.12.1)
    ruby-fsevent (0.2.1)
    watchr (0.7)

PLATFORMS
  ruby

DEPENDENCIES
  autotest-standalone
  rspec
  ruby-fsevent
  watchr
